GEM
  remote: https://rubygems.org/
  specs:
    backports (3.6.0)
    json (1.8.1)
    multi_json (1.8.4)
    posix-spawn (0.3.8)
    pygments.rb (0.5.0)
      posix-spawn (~> 0.3.6)
      yajl-ruby (~> 1.1.0)
    rack (1.5.2)
    rack-protection (1.5.2)
      rack
    rack-test (0.6.2)
      rack (>= 1.0)
    sinatra (1.4.4)
      rack (~> 1.4)
      rack-protection (~> 1.4)
      tilt (~> 1.3, >= 1.3.4)
    sinatra-contrib (1.4.2)
      backports (>= 2.0)
      multi_json
      rack-protection
      rack-test
      sinatra (~> 1.4.0)
      tilt (~> 1.3)
    sinatra-cross_origin (0.3.2)
    tilt (1.4.1)
    yajl-ruby (1.1.0)

PLATFORMS
  ruby

DEPENDENCIES
  json
  pygments.rb (= 0.5.0)
  sinatra
  sinatra-contrib
  sinatra-cross_origin
